GEM
  remote: https://rubygems.org/
  specs:
    chunky_png (1.2.6)
    compass (0.12.2)
      chunky_png (~> 1.2)
      fssm (>= 0.2.7)
      sass (~> 3.1)
    foreman (0.55.0)
      thor (>= 0.13.6)
    fssm (0.2.9)
    sass (3.2.1)
    thor (0.16.0)

PLATFORMS
  ruby

DEPENDENCIES
  compass
  foreman
